GIT
  remote: git://github.com/josephholsten/fireeagle.git
  revision: 69e9464cf7a135145438c22bb91680179fe2712f
  specs:
    fireeagle (0.8.99.1)
      GeoRuby (>= 1.3.2)
      happymapper (>= 0.2.1)
      oauth (>= 0.3.5)

GEM
  remote: http://rubygems.org/
  specs:
    GeoRuby (1.3.4)
    activesupport (3.0.4.rc)
    happymapper (0.3.2)
      libxml-ruby (~> 1.1.3)
    i18n (0.4.2)
    libxml-ruby (1.1.4)
    oauth (0.4.4)
    rack (1.2.1)
    sinatra (0.9.6)
      rack (>= 0.9.1)

PLATFORMS
  ruby

DEPENDENCIES
  activesupport (~> 3.0.0.beta2)
  fireeagle!
  i18n
  sinatra (~> 0.9.4)
