GIT
  remote: git://github.com/josephholsten/fireeagle.git
  revision: 69e9464cf7a135145438c22bb91680179fe2712f
  specs:
    fireeagle (0.8.99.1)
      GeoRuby (>= 1.3.2)
      happymapper (>= 0.2.1)
      oauth (>= 0.3.5)

GEM
  remote: http://rubygems.org/
  specs:
    GeoRuby (1.3.4)
    activesupport (3.0.3)
    daemons (1.1.5)
    eventmachine (0.12.10)
    happymapper (0.3.2)
      libxml-ruby (~> 1.1.3)
    i18n (0.4.2)
    json_pure (1.6.4)
    libxml-ruby (1.1.4)
    mustermann (1.1.1)
      ruby2_keywords (~> 0.0.1)
    oauth (0.4.4)
    rack (2.2.3)
    rack-protection (2.2.0)
      rack
    ruby2_keywords (0.0.5)
    simplegeo (0.5.3)
      json_pure
      oauth (>= 0.4.0)
    sinatra (2.2.0)
      mustermann (~> 1.0)
      rack (~> 2.2)
      rack-protection (= 2.2.0)
      tilt (~> 2.0)
    thin (1.2.11)
      daemons (>= 1.0.9)
      eventmachine (>= 0.12.6)
      rack (>= 1.0.0)
    tilt (2.0.10)

PLATFORMS
  ruby

DEPENDENCIES
  activesupport (~> 3.0.3)
  fireeagle!
  i18n (~> 0.4.2)
  simplegeo (~> 0.5.3)
  sinatra (~> 2.2.0)
  thin (~> 1.2.7)
